PATH
  remote: .
  specs:
    epub (1.0.0)
      kramdown
      nokogiri
      zipruby

GEM
  remote: https://rubygems.org/
  specs:
    kramdown (1.3.0)
    mini_portile (0.5.2)
    nokogiri (1.6.1)
      mini_portile (~> 0.5.0)
    zipruby (0.3.6)

PLATFORMS
  ruby

DEPENDENCIES
  epub!
